GIT
  remote: git://github.com/thedamfr/glass.git
  revision: ddec1d3637036de24a6ab6622707a5bfd44833b2
  specs:
    glass (0.0.1.1)
      google-api-client
      httparty
      redis
      redis-namespace

GEM
  remote: https://rubygems.org/
  specs:
    addressable (2.3.4)
    autoparse (0.3.3)
      addressable (>= 2.3.1)
      extlib (>= 0.9.15)
      multi_json (>= 1.0.0)
    awesome_print (1.1.0)
    coderay (1.0.9)
    dalli (2.6.2)
    dotenv (0.7.0)
    extlib (0.9.16)
    faraday (0.8.7)
      multipart-post (~> 1.1)
    forecast_io (1.1.0)
      faraday
      hashie
      multi_json
    google-api-client (0.6.3)
      addressable (>= 2.3.2)
      autoparse (>= 0.3.3)
      extlib (>= 0.9.15)
      faraday (~> 0.8.4)
      jwt (>= 0.1.5)
      launchy (>= 2.1.1)
      multi_json (>= 1.0.0)
      signet (>= 0.4.4)
      uuidtools (>= 2.1.0)
    hashie (2.0.3)
    hobbit (0.0.2)
      rack
      tilt
    httparty (0.11.0)
      multi_json (~> 1.0)
      multi_xml (>= 0.5.2)
    jwt (0.1.8)
      multi_json (>= 1.5)
    kgio (2.8.0)
    launchy (2.3.0)
      addressable (~> 2.3)
    memcachier (0.0.2)
    method_source (0.8.1)
    multi_json (1.7.2)
    multi_xml (0.5.3)
    multipart-post (1.2.0)
    pry (0.9.12)
      coderay (~> 1.0.5)
      method_source (~> 0.8)
      slop (~> 3.4)
    rack (1.5.2)
    raindrops (0.10.0)
    redis (3.0.3)
    redis-namespace (1.2.1)
      redis (~> 3.0.0)
    signet (0.4.5)
      addressable (>= 2.2.3)
      faraday (~> 0.8.1)
      jwt (>= 0.1.5)
      multi_json (>= 1.0.0)
    slop (3.4.4)
    tilt (1.3.7)
    unicorn (4.6.2)
      kgio (~> 2.6)
      rack
      raindrops (~> 0.7)
    uuidtools (2.1.3)

PLATFORMS
  ruby

DEPENDENCIES
  awesome_print
  dalli (~> 2.6.2)
  dotenv (~> 0.7.0)
  forecast_io (~> 1.1.0)
  glass!
  hobbit (~> 0.0.2)
  memcachier (~> 0.0.2)
  pry
  unicorn (~> 4.6.2)
